GEM
  remote: https://rubygems.org/
  specs:
    ProMotion (1.0.4)
    bubble-wrap (1.4.0)
    rake (10.1.0)
    sugarcube (1.3.2)
    sweettea (0.6.0)
      rake
      sugarcube
      teacup
    teacup (2.1.12)

PLATFORMS
  ruby

DEPENDENCIES
  ProMotion (~> 1.0.4)
  bubble-wrap (~> 1.4.0)
  rake (~> 10.1.0)
  sugarcube (= 1.3.2)
  sweettea (~> 0.6.0)
  teacup (~> 2.1.12)
